{
	"Modality": "MR",
	"MagneticFieldStrength": 1.5,
	"ImagingFrequency": 63.8594,
	"Manufacturer": "GE",
	"ManufacturersModelName": "Signa HDxt",
	"InstitutionName": "CNSA_CHARLOTTE",
	"DeviceSerialNumber": "0000000000001234",
	"StationName": "GEMSOW",
	"SeriesInstanceUID": "1.2.840.113619.2.322.4120.14252646.19895.1416397436.241",
	"StudyInstanceUID": "20141119.10386327.1009635",
	"ReferringPhysicianName": "ScottDWaitMD^Provider^^^",
	"StudyID": "8506",
	"PatientName": "AGAR^GRANT^C^^",
	"PatientID": "386327",
	"AccessionNumber": "1556061",
	"PatientBirthDate": "1999-07-20",
	"PatientSex": "M",
	"PatientWeight": 55.79,
	"PatientPosition": "HFS",
	"ProcedureStepDescription": "HEAD",
	"SoftwareVersions": "23\\LX\\MR Software release:HD23.0_V01_1210.a",
	"MRAcquisitionType": "2D",
	"SeriesDescription": "SAG T1",
	"ProtocolName": "*ROUTINE_BRAIN",
	"ScanningSequence": "SE",
	"SequenceVariant": "SK",
	"ScanOptions": "FAST_GEMS\\TRF_GEMS\\FILTERED_GEMS",
	"PulseSequenceName": "fse-xl",
	"ImageType": ["ORIGINAL", "PRIMARY", "OTHER"],
	"SeriesNumber": 3,
	"AcquisitionTime": "15:55:14.000000",
	"AcquisitionDateTime": "2014-11-19T15:55:14.000000",
	"AcquisitionNumber": 1,
	"SliceThickness": 5,
	"SpacingBetweenSlices": 5,
	"SAR": 1.1504,
	"EchoTime": 0.011336,
	"RepetitionTime": 0.689,
	"FlipAngle": 90,
	"ShimSetting": [
		7,
		-43,
		-19	],
	"PrescanReuseString": "TG/s1,CF/s2,AS/s2",
	"CoilString": "HNS Head",
	"PercentPhaseFOV": 100,
	"PercentSampling": 100,
	"EchoTrainLength": 3,
	"AcquisitionMatrixPE": 256,
	"ReconMatrixPE": 512,
	"PixelBandwidth": 81.3672,
	"PhaseEncodingAxis": "i",
	"ImageOrientationPatientDICOM": [
		0.0555075,
		0.995635,
		0.0750347,
		0.0693558,
		0.0711243,
		-0.995053	],
	"InPlanePhaseEncodingDirectionDICOM": "ROW",
	"ConversionSoftware": "dcm2niix",
	"ConversionSoftwareVersion": "v1.0.20220720"
}
